GEM
  remote: https://rubygems.org/
  specs:
    json (2.11.0)

PLATFORMS
  ruby
  x86_64-linux

DEPENDENCIES
  json (= 2.11.0)

BUNDLED WITH
   2.5.11
